GEM
  remote: http://rubygems.org/
  specs:
    activesupport (3.0.4)
    mechanize (1.0.0)
      nokogiri (>= 1.2.1)
    nokogiri (1.4.4)

PLATFORMS
  ruby

DEPENDENCIES
  activesupport
  bundler
  mechanize
  nokogiri
