GEM
	 remote: http://rubygems.org/
	specs:
		 activesupport (3.0.4)
		 i18n (0.5.0)
		 mechanize (1.0.0)
			 nokogiri (>= 1.2.1)
		 nokogiri (1.4.4)

PLATFORMS
	ruby

DEPENDENCIES
	 activesupport
	 bundler
	 i18n
	 mechanize
	 nokogiri
